{
	"ConversionSoftware": "dicm2nii.m 20230316",
	"SeriesNumber": 60001,
	"SeriesDescription": "qian_rs_fMRI_EPI",
	"ImageType": ["ORIGINAL", "PRIMARY", "OTHER"],
	"Modality": "MR",
	"AcquisitionDateTime": "20220311120253",
	"TaskName": "qianfMRIEPI20220115",
	"RepetitionTime": 1,
	"PhaseEncodingDirection": "j",
	"EchoTime": 0.02,
	"SliceThickness": 0.5,
	"FlipAngle": 90,
	"Manufacturer": "Bruker BioSpin MRI GmbH",
	"SoftwareVersion": "ParaVision Acquisition 6.0.1\\ParaVision 6.0.1",
	"MRAcquisitionType": "2D",
	"InstitutionName": "Michigan State University",
	"DeviceSerialNumber": "10114487",
	"ScanningSequence": "RM\\EP",
	"SequenceVariant": "SP",
	"SequenceName": "qianfMRI_EPI"
}
