{
	"ConversionSoftware": "dicm2nii.m 20230316",
	"SeriesNumber": 70001,
	"ImageType": ["ORIGINAL", "PRIMARY", "OTHER"],
	"Modality": "MR",
	"AcquisitionDateTime": "20220311143857",
	"RepetitionTime": 4.2,
	"PhaseEncodingDirection": "j",
	"EchoTime": 0.024,
	"SliceThickness": 0.5,
	"FlipAngle": 90,
	"Manufacturer": "Bruker BioSpin MRI GmbH",
	"SoftwareVersion": "ParaVision Acquisition 6.0.1\\ParaVision 6.0.1",
	"MRAcquisitionType": "2D",
	"InstitutionName": "Michigan State University",
	"DeviceSerialNumber": "10114487",
	"ScanningSequence": "RM",
	"SequenceVariant": "SP",
	"SequenceName": "Bruker:RARE"
}
