{
	"ConversionSoftware": "dicm2nii.m 20230316",
	"SeriesNumber": 230001,
	"SeriesDescription": "RS_fMRI_EPI_MAP2RARE",
	"ImageType": ["ORIGINAL", "PRIMARY", "OTHER"],
	"Modality": "MR",
	"AcquisitionDateTime": "20220419112202",
	"TaskName": "T2starFIDEPI",
	"RepetitionTime": 1,
	"PhaseEncodingDirection": "j",
	"EchoTime": 0.02,
	"SliceThickness": 0.5,
	"FlipAngle": 56,
	"Manufacturer": "Bruker BioSpin MRI GmbH",
	"SoftwareVersion": "ParaVision Acquisition 6.0.1\\ParaVision 6.0.1",
	"MRAcquisitionType": "2D",
	"InstitutionName": "Michigan State University",
	"DeviceSerialNumber": "10114487",
	"ScanningSequence": "RM\\EP",
	"SequenceVariant": "SP",
	"ScanOptions": "PFP",
	"SequenceName": "Bruker:EPI"
}
